GEM
  specs:
    io-wait (0.2.1)
    net-http (0.2.0)
      net-protocol
      uri
    net-protocol (0.1.2)
      io-wait
      timeout
    timeout (0.2.0)
    uri (0.11.0)

PLATFORMS
  x64-mingw-ucrt

DEPENDENCIES
  net-http

BUNDLED WITH
   2.3.7
